PATH
  remote: .
  specs:
    blinky (0.0.11)
      chicanery (~> 0.1.0)
      libusb (~> 0.2.2)

GEM
  remote: https://rubygems.org/
  specs:
    chicanery (0.1.0)
      nokogiri (~> 1)
    diff-lcs (1.1.3)
    ffi (1.3.1)
    libusb (0.2.2)
      ffi (>= 1.0)
    nokogiri (1.5.6)
    rake (13.0.6)
    rspec (2.11.0)
      rspec-core (~> 2.11.0)
      rspec-expectations (~> 2.11.0)
      rspec-mocks (~> 2.11.0)
    rspec-core (2.11.1)
    rspec-expectations (2.11.3)
      diff-lcs (~> 1.1.3)
    rspec-mocks (2.11.3)

PLATFORMS
  ruby

DEPENDENCIES
  blinky!
  rake (~> 13.0.6)
  rspec (~> 2.11.0)
