PATH
  remote: .
  specs:
    blinky (0.0.11)
      chicanery (~> 0.1.0)
      libusb (~> 0.2.2)

GEM
  remote: https://rubygems.org/
  specs:
    chicanery (0.1.0)
      nokogiri (~> 1)
    diff-lcs (1.1.3)
    ffi (1.3.1)
    libusb (0.2.2)
      ffi (>= 1.0)
    mini_portile2 (2.8.0)
    nokogiri (1.13.9)
      mini_portile2 (~> 2.8.0)
      racc (~> 1.4)
    racc (1.6.0)
    rake (10.0.3)
    rspec (2.11.0)
      rspec-core (~> 2.11.0)
      rspec-expectations (~> 2.11.0)
      rspec-mocks (~> 2.11.0)
    rspec-core (2.11.1)
    rspec-expectations (2.11.3)
      diff-lcs (~> 1.1.3)
    rspec-mocks (2.11.3)

PLATFORMS
  ruby

DEPENDENCIES
  blinky!
  rake (~> 10.0.2)
  rspec (~> 2.11.0)
